PATH
  remote: .
  specs:
    file_modifier (0.1.0)

GEM
  remote: https://rubygems.org/
  specs:
    minitest (2.1.0)
    mocha (1.11.2)
    rake (12.3.3)

PLATFORMS
  ruby

DEPENDENCIES
  bundler (~> 2.0)
  file_modifier!
  minitest (~> 2.1.0)
  mocha (~> 1.11.2)
  rake (~> 12.0)

BUNDLED WITH
   2.1.4
